PATH
  remote: .
  specs:
    word_2_quiz (0.1.0)
      docx (~> 0.2)
      yomu (~> 0.2)

GEM
  remote: https://rubygems.org/
  specs:
    byebug (9.0.6)
    docx (0.2.07)
      nokogiri (~> 1.5)
      rubyzip (~> 1.1.6)
    json (1.8.3)
    mime-types (1.25.1)
    mini_portile2 (2.1.0)
    nokogiri (1.6.8.1)
      mini_portile2 (~> 2.1.0)
    rake (10.5.0)
    rubyzip (1.1.7)
    yomu (0.2.4)
      json (~> 1.8)
      mime-types (~> 1.23)

PLATFORMS
  ruby

DEPENDENCIES
  bundler (~> 1.13)
  byebug (~> 9.0)
  rake (~> 10.0)
  word_2_quiz!

BUNDLED WITH
   1.13.6
